GIT
  remote: git://github.com/lian/bitcoin-ruby.git
  revision: 69123208d45a19da446c5e0079d4fa2e225e5be6
  ref: 69123208d45a19da446c5e0079d4fa2e225e5be6
  specs:
    bitcoin-ruby (0.0.6)

GEM
  remote: https://rubygems.org/
  specs:
    backports (3.6.8)
    bugsnag (4.2.1)
    bugsnag-em (0.1)
      bugsnag
      eventmachine
      lspace (>= 0.13)
    builder (3.2.2)
    concurrent-ruby (1.0.2)
    connection_pool (2.2.0)
    database_cleaner (1.5.3)
    diff-lcs (1.2.5)
    eventmachine (1.2.0.1)
    faye-websocket (0.10.4)
      eventmachine (>= 0.12.0)
      websocket-driver (>= 0.5.1)
    ffi (1.9.14)
    ffi-compiler (1.0.1)
      ffi (>= 1.0.0)
      rake
    foreman (0.82.0)
      thor (~> 0.19.1)
    lspace (0.13)
    multi_json (1.12.1)
    newrelic_rpm (3.16.1.320)
    pg (0.18.4)
    puma (3.6.0)
    rack (1.6.4)
    rack-protection (1.5.3)
      rack
    rack-test (0.6.3)
      rack (>= 1.0)
    rake (11.2.2)
    redis (3.3.1)
    rspec (3.5.0)
      rspec-core (~> 3.5.0)
      rspec-expectations (~> 3.5.0)
      rspec-mocks (~> 3.5.0)
    rspec-core (3.5.2)
      rspec-support (~> 3.5.0)
    rspec-expectations (3.5.0)
      diff-lcs (>= 1.2.0, < 2.0)
      rspec-support (~> 3.5.0)
    rspec-mocks (3.5.0)
      diff-lcs (>= 1.2.0, < 2.0)
      rspec-support (~> 3.5.0)
    rspec-support (3.5.0)
    scrypt (3.0.3)
      ffi-compiler (>= 1.0.0)
      rake
    sequel (4.37.0)
    sidekiq (4.1.4)
      concurrent-ruby (~> 1.0)
      connection_pool (~> 2.2, >= 2.2.0)
      redis (~> 3.2, >= 3.2.1)
      sinatra (>= 1.4.7)
    sinatra (1.4.7)
      rack (~> 1.5)
      rack-protection (~> 1.4)
      tilt (>= 1.3, < 3)
    sinatra-contrib (1.4.7)
      backports (>= 2.0)
      multi_json
      rack-protection
      rack-test
      sinatra (~> 1.4.0)
      tilt (>= 1.3, < 3)
    thor (0.19.1)
    tilt (2.0.5)
    websocket-driver (0.6.4)
      websocket-extensions (>= 0.1.0)
    websocket-extensions (0.1.2)

PLATFORMS
  ruby

DEPENDENCIES
  bitcoin-ruby!
  bugsnag-em
  builder
  database_cleaner
  eventmachine
  faye-websocket
  ffi
  foreman
  newrelic_rpm
  pg
  puma
  rack-test
  rake
  rspec
  scrypt
  sequel
  sidekiq
  sinatra
  sinatra-contrib
